GEM
  remote: http://rubygems.org/
  specs:
    ocra (1.3.0)
    rack (1.4.1)

PLATFORMS
  x86-mingw32

DEPENDENCIES
  ocra
  rack
